GEM
  remote: https://rubygems.org/
  specs:
    addressable (2.7.0)
      public_suffix (>= 2.0.2, < 5.0)
    ansi (1.5.0)
    ast (2.4.2)
    bosh_common (1.3262.24.0)
      logging (~> 1.8.2)
      semi_semantic (~> 1.2.0)
    bosh_cpi (2.5.0)
      httpclient (~> 2.8.3)
      membrane (~> 1.1.0)
    builder (3.2.4)
    byebug (11.1.3)
    coderay (1.1.3)
    diff-lcs (1.4.4)
    docile (1.3.5)
    ethon (0.12.0)
      ffi (>= 1.3.0)
    fakefs (1.3.2)
    ffi (1.15.0)
    httpclient (2.8.3)
    json (2.5.1)
    little-plugger (1.1.4)
    logging (1.8.2)
      little-plugger (>= 1.1.3)
      multi_json (>= 1.8.4)
    membrane (1.1.0)
    method_source (1.0.0)
    mini_portile2 (2.5.0)
    mono_logger (1.1.0)
    multi_json (1.15.0)
    netaddr (2.0.4)
    nokogiri (1.11.2)
      mini_portile2 (~> 2.5.0)
      racc (~> 1.4)
    oga (2.3)
      ast
      ruby-ll (~> 2.1)
    parallel (1.20.1)
    parallel_tests (3.5.2)
      parallel
    pry (0.14.0)
      coderay (~> 1.1)
      method_source (~> 1.0)
    pry-byebug (3.8.0)
      byebug (~> 11.0)
      pry (~> 0.10)
    public_suffix (4.0.6)
    racc (1.5.2)
    rack (2.0.9)
    rake (10.5.0)
    rspec (3.5.0)
      rspec-core (~> 3.5.0)
      rspec-expectations (~> 3.5.0)
      rspec-mocks (~> 3.5.0)
    rspec-core (3.5.4)
      rspec-support (~> 3.5.0)
    rspec-expectations (3.5.0)
      diff-lcs (>= 1.2.0, < 2.0)
      rspec-support (~> 3.5.0)
    rspec-its (1.3.0)
      rspec-core (>= 3.0.0)
      rspec-expectations (>= 3.0.0)
    rspec-mocks (3.5.0)
      diff-lcs (>= 1.2.0, < 2.0)
      rspec-support (~> 3.5.0)
    rspec-support (3.5.0)
    ruby-ll (2.1.2)
      ansi
      ast
    semi_semantic (1.2.0)
    simplecov (0.21.2)
      docile (~> 1.1)
      simplecov-html (~> 0.11)
      simplecov_json_formatter (~> 0.1)
    simplecov-html (0.12.3)
    simplecov_json_formatter (0.1.2)
    timecop (0.8.1)
    typhoeus (1.3.1)
      ethon (>= 0.9.0)
    vsphere-automation-cis (0.1.0)
      json (~> 2.1)
      typhoeus (~> 1.3)
    vsphere-automation-vcenter (0.1.0)
      json (~> 2.1)
      typhoeus (~> 1.3)
      vsphere-automation-cis (~> 0.1)

PLATFORMS
  ruby

DEPENDENCIES
  addressable (~> 2.7.0)
  bosh_common (= 1.3262.24.0)
  bosh_cpi (= 2.5.0)
  builder (~> 3.2.3)
  fakefs
  json (~> 2.3)
  membrane (~> 1.1.0)
  mono_logger (~> 1.1.0)
  netaddr (>= 2.0.4)
  nokogiri (>= 1.10.4)
  oga (= 2.3)
  parallel_tests
  pry
  pry-byebug
  rack (~> 2.0.6)
  rake (~> 10.0)
  rspec (~> 3.5.0)
  rspec-its
  simplecov
  timecop (~> 0.8.1)
  typhoeus (~> 1.3.0, >= 1.3.1)
  vsphere-automation-cis (~> 0.1.0)
  vsphere-automation-vcenter (~> 0.1.0)

BUNDLED WITH
   2.2.13
